GEM
  remote: https://rubygems.org/
  specs:
    amq-protocol (2.0.0)
    bunny (2.2.1)
      amq-protocol (>= 2.0.0)
    coderay (1.1.0)
    kgio (2.10.0)
    method_source (0.8.2)
    pry (0.10.3)
      coderay (~> 1.1.0)
      method_source (~> 0.8.1)
      slop (~> 3.4)
    rack (1.6.4)
    raindrops (0.15.0)
    slop (3.6.0)
    unicorn (5.0.0)
      kgio (~> 2.6)
      rack
      raindrops (~> 0.7)

PLATFORMS
  ruby

DEPENDENCIES
  bunny
  pry
  unicorn

BUNDLED WITH
   1.10.6
